PATH
  remote: .
  specs:
    tomosprotheroe_palindrome (0.1.0)

GEM
  remote: https://rubygems.org/
  specs:
    ansi (1.5.0)
    builder (3.2.4)
    minitest (5.14.4)
    minitest-reporters (1.2.0)
      ansi
      builder
      minitest (>= 5.0)
      ruby-progressbar
    rake (13.0.6)
    ruby-progressbar (1.11.0)

PLATFORMS
  universal-darwin-20

DEPENDENCIES
  minitest (~> 5.0)
  minitest-reporters (= 1.2.0)
  rake (~> 13.0)
  tomosprotheroe_palindrome!

BUNDLED WITH
   2.2.17
